GEM
  remote: https://rubygems.org/
  specs:
    byebug (6.0.2)
    colorize (0.7.7)

PLATFORMS
  ruby

DEPENDENCIES
  byebug
  colorize
